GEM
  specs:
    dotenv (2.2.0)
    ruby_http_client (3.0.1)
    sendgrid-ruby (4.0.8)
      ruby_http_client (~> 3.0.1)

PLATFORMS
  ruby

DEPENDENCIES
  dotenv
  sendgrid-ruby

BUNDLED WITH
   1.14.6
